PATH
  remote: .
  specs:
    push_bot (0.4.0)
      typhoeus (~> 0.6)

GEM
  remote: https://rubygems.org/
  specs:
    ethon (0.7.1)
      ffi (>= 1.3.0)
    ffi (1.9.5)
    rake (10.3.2)
    typhoeus (0.6.9)
      ethon (>= 0.7.1)

PLATFORMS
  ruby

DEPENDENCIES
  bundler (~> 1.7)
  push_bot!
  rake (~> 10.0)
